GEM
  remote: https://rubygems.org/
  specs:
    domain_name (0.5.12)
      unf (>= 0.0.5, < 1.0.0)
    git (1.2.5)
    highline (1.6.19)
    http-cookie (1.0.1)
      domain_name (~> 0.5)
    jeweler (1.8.4)
      bundler (~> 1.0)
      git (>= 1.2.5)
      rake
      rdoc
    json (2.3.0)
    mechanize (2.7.1)
      domain_name (~> 0.5, >= 0.5.1)
      http-cookie (~> 1.0.0)
      mime-types (~> 1.17, >= 1.17.2)
      net-http-digest_auth (~> 1.1, >= 1.1.1)
      net-http-persistent (~> 2.5, >= 2.5.2)
      nokogiri (~> 1.4)
      ntlm-http (~> 0.1, >= 0.1.1)
      webrobots (>= 0.0.9, < 0.2)
    mime-types (1.23)
    net-http-digest_auth (1.3)
    net-http-persistent (2.8)
    nokogiri (1.5.10)
    ntlm-http (0.1.1)
    rake (10.0.4)
    rcov (0.9.9)
    rdoc (6.2.1)
    unf (0.1.1)
      unf_ext
    unf_ext (0.0.6)
    webrobots (0.1.1)

PLATFORMS
  ruby

DEPENDENCIES
  bundler (~> 1.0.0)
  highline (~> 1.6.19)
  jeweler (~> 1.8.0)
  json (~> 2.3.0)
  mechanize (~> 2.7.1)
  nokogiri (~> 1.5.0)
  rcov
